PATH
  remote: .
  specs:
    vlad-systemd (0.1.0)
      vlad (>= 2.0.0)

GEM
  remote: https://rubygems.org/
  specs:
    open4 (1.3.4)
    rake (10.5.0)
    rake-remote_task (2.4.2)
      open4 (~> 1.0)
      rake (>= 0.8, < 12.0)
    vlad (2.7.0)
      rake (>= 0.8, < 11.0)
      rake-remote_task (~> 2.3)

PLATFORMS
  ruby

DEPENDENCIES
  vlad-systemd!

BUNDLED WITH
   1.15.3
